GEM
  remote: https://rubygems.org/
  specs:
    aws-sdk (2.10.19)
      aws-sdk-resources (= 2.10.19)
    aws-sdk-core (2.10.19)
      aws-sigv4 (~> 1.0)
      jmespath (~> 1.0)
    aws-sdk-resources (2.10.19)
      aws-sdk-core (= 2.10.19)
    aws-sigv4 (1.0.1)
    colorize (0.8.1)
    jmespath (1.3.1)
    rake (12.0.0)

PLATFORMS
  ruby

DEPENDENCIES
  aws-sdk
  colorize
  rake

BUNDLED WITH
   1.15.3
